GEM
  remote: https://rubygems.org/
  specs:
    activesupport (6.1.7.1)
      concurrent-ruby (~> 1.0, >= 1.0.2)
      i18n (>= 1.6, < 2)
      minitest (>= 5.1)
      tzinfo (~> 2.0)
      zeitwerk (~> 2.3)
    autobuild (1.20.0)
      pastel (~> 0.7.0, >= 0.7.0)
      rake (~> 12.0, >= 12.3.0)
      tty-cursor (~> 0.5.0)
      tty-prompt (~> 0.15.0)
      tty-screen (~> 0.6.4)
      utilrb (~> 3.0, >= 3.0)
    autoproj (2.12.0)
      autobuild (>= 1.19.0)
      backports (~> 3.0)
      bundler
      concurrent-ruby (~> 1.0.0, >= 1.0.0)
      rb-inotify
      thor (~> 0.20.0)
      tty-color (~> 0.4.0, >= 0.4.0)
      tty-prompt (~> 0.15.0)
      tty-spinner (~> 0.8.0)
      utilrb (~> 3.0.0, >= 3.0.0)
      xdg (= 2.2.5)
    autorespawn (0.6.1)
      hooks (>= 0.4.1)
    backports (3.17.0)
    binding_of_caller (0.8.0)
      debug_inspector (>= 0.0.1)
    builder (3.2.4)
    concurrent-ruby (1.0.5)
    concurrent-ruby-ext (1.0.5)
      concurrent-ruby (= 1.0.5)
    daemons (1.3.1)
    debug_inspector (0.0.3)
    domain_name (0.5.20190701)
      unf (>= 0.0.5, < 1.0.0)
    dry-configurable (0.11.5)
      concurrent-ruby (~> 1.0)
      dry-core (~> 0.4, >= 0.4.7)
      dry-equalizer (~> 0.2)
    dry-container (0.7.2)
      concurrent-ruby (~> 1.0)
      dry-configurable (~> 0.1, >= 0.1.3)
    dry-core (0.4.9)
      concurrent-ruby (~> 1.0)
    dry-equalizer (0.3.0)
    dry-inflector (0.2.0)
    dry-logic (1.0.6)
      concurrent-ruby (~> 1.0)
      dry-core (~> 0.2)
      dry-equalizer (~> 0.2)
    dry-types (1.4.0)
      concurrent-ruby (~> 1.0)
      dry-container (~> 0.3)
      dry-core (~> 0.4, >= 0.4.4)
      dry-equalizer (~> 0.3)
      dry-inflector (~> 0.1, >= 0.1.2)
      dry-logic (~> 1.0, >= 1.0.2)
    equatable (0.5.0)
    eventmachine (1.2.7)
    facets (3.1.0)
    fakefs (1.2.0)
    ffi (1.12.2)
    flexmock (2.3.6)
    grape (1.3.1)
      activesupport
      builder
      dry-types (>= 1.1)
      mustermann-grape (~> 1.0.0)
      rack (>= 1.3.0)
      rack-accept
    hoe (3.22.1)
      rake (>= 0.8, < 15.0)
    hoe-yard (0.1.3)
      yard (~> 0.8)
    hooks (0.4.1)
      uber (~> 0.0.14)
    http-accept (1.7.0)
    http-cookie (1.0.3)
      domain_name (~> 0.5)
    i18n (1.12.0)
      concurrent-ruby (~> 1.0)
    kramdown (2.1.0)
    lazy_priority_queue (0.1.1)
    mime-types (3.3.1)
      mime-types-data (~> 3.2015)
    mime-types-data (3.2019.1009)
    minitest (5.14.0)
    msgpack (1.3.3)
    mustermann (1.1.1)
      ruby2_keywords (~> 0.0.1)
    mustermann-grape (1.0.1)
      mustermann (>= 1.0.0)
    necromancer (0.4.0)
    netrc (0.11.0)
    optimist (3.0.0)
    pastel (0.7.2)
      equatable (~> 0.5.0)
      tty-color (~> 0.4.0)
    qtbindings (4.8.6.5)
    rack (2.2.2)
    rack-accept (0.4.5)
      rack (>= 0.4)
    rake (12.3.3)
    rake-compiler (0.8.3)
      rake
    rb-inotify (0.10.1)
      ffi (~> 1.0)
    rb-readline (0.5.5)
    rbtrace (0.4.12)
      ffi (>= 1.0.6)
      msgpack (>= 0.4.3)
      optimist (>= 3.0.0)
    rest-client (2.1.0)
      http-accept (>= 1.7.0, < 2.0)
      http-cookie (>= 1.0.2, < 2.0)
      mime-types (>= 1.16, < 4.0)
      netrc (~> 0.8)
    rgl (0.5.6)
      lazy_priority_queue (~> 0.1.0)
      stream (~> 0.5.2)
    rice (2.2.0)
    ruby2_keywords (0.0.2)
    stackprof (0.2.15)
    state_machine (1.0.3)
    stream (0.5.2)
    strings (0.1.8)
      strings-ansi (~> 0.1)
      unicode-display_width (~> 1.5)
      unicode_utils (~> 1.4)
    strings-ansi (0.2.0)
    thin (1.7.2)
      daemons (~> 1.0, >= 1.0.9)
      eventmachine (~> 1.0, >= 1.0.4)
      rack (>= 1, < 3)
    thor (0.20.3)
    timecop (0.9.1)
    timers (4.3.0)
    tty-color (0.4.3)
    tty-cursor (0.5.0)
    tty-prompt (0.15.0)
      necromancer (~> 0.4.0)
      pastel (~> 0.7.0)
      timers (~> 4.0)
      tty-cursor (~> 0.5.0)
      tty-reader (~> 0.2.0)
    tty-reader (0.2.0)
      tty-cursor (~> 0.5.0)
      tty-screen (~> 0.6.4)
      wisper (~> 2.0.0)
    tty-screen (0.6.5)
    tty-spinner (0.8.0)
      tty-cursor (>= 0.5.0)
    tty-table (0.10.0)
      equatable (~> 0.5.0)
      necromancer (~> 0.4.0)
      pastel (~> 0.7.2)
      strings (~> 0.1.0)
      tty-screen (~> 0.6.4)
    tzinfo (2.0.5)
      concurrent-ruby (~> 1.0)
    uber (0.0.15)
    unf (0.1.4)
      unf_ext
    unf_ext (0.0.7.6)
    unicode-display_width (1.7.0)
    unicode_utils (1.4.0)
    utilrb (3.0.1)
      facets (>= 2.4.0)
      rake (>= 0.9)
    websocket (1.2.8)
    wisper (2.0.1)
    xdg (2.2.5)
    xmlrpc (0.3.0)
    yard (0.9.24)
    zeitwerk (2.6.6)

PLATFORMS
  ruby

DEPENDENCIES
  autoproj (>= 2.0.0)
  autorespawn
  backports
  binding_of_caller
  bundler
  concurrent-ruby
  concurrent-ruby-ext
  facets
  fakefs
  flexmock
  grape
  hoe
  hoe-yard
  hooks
  kramdown
  minitest
  pastel
  qtbindings
  rake-compiler (< 0.9.0)
  rb-readline
  rbtrace
  rest-client
  rgl
  rice
  stackprof
  state_machine (<= 1.0.3)
  thin
  timecop
  tty-cursor
  tty-prompt
  tty-table
  utilrb (>= 3.0.1)
  websocket
  xmlrpc
  yard

RUBY VERSION
   ruby 2.5.1p57

BUNDLED WITH
   2.1.4
