GEM
  remote: https://rubygems.org/
  specs:
    autobuild (1.20.0)
      pastel (~> 0.7.0, >= 0.7.0)
      rake (~> 12.0, >= 12.3.0)
      tty-cursor (~> 0.5.0)
      tty-prompt (~> 0.15.0)
      tty-screen (~> 0.6.4)
      utilrb (~> 3.0, >= 3.0)
    autoproj (2.12.0)
      autobuild (>= 1.19.0)
      backports (~> 3.0)
      bundler
      concurrent-ruby (~> 1.0.0, >= 1.0.0)
      rb-inotify
      thor (~> 0.20.0)
      tty-color (~> 0.4.0, >= 0.4.0)
      tty-prompt (~> 0.15.0)
      tty-spinner (~> 0.8.0)
      utilrb (~> 3.0.0, >= 3.0.0)
      xdg (= 2.2.5)
    backports (3.17.0)
    concurrent-ruby (1.0.5)
    equatable (0.5.0)
    facets (3.1.0)
    ffi (1.12.2)
    necromancer (0.4.0)
    pastel (0.7.2)
      equatable (~> 0.5.0)
      tty-color (~> 0.4.0)
    rake (12.3.3)
    rb-inotify (0.10.1)
      ffi (~> 1.0)
    thor (0.20.3)
    timers (4.3.0)
    tty-color (0.4.3)
    tty-cursor (0.5.0)
    tty-prompt (0.15.0)
      necromancer (~> 0.4.0)
      pastel (~> 0.7.0)
      timers (~> 4.0)
      tty-cursor (~> 0.5.0)
      tty-reader (~> 0.2.0)
    tty-reader (0.2.0)
      tty-cursor (~> 0.5.0)
      tty-screen (~> 0.6.4)
      wisper (~> 2.0.0)
    tty-screen (0.6.5)
    tty-spinner (0.8.0)
      tty-cursor (>= 0.5.0)
    utilrb (3.0.1)
      facets (>= 2.4.0)
      rake (>= 0.9)
    wisper (2.0.1)
    xdg (2.2.5)

PLATFORMS
  ruby

DEPENDENCIES
  autoproj (>= 2.0.0)
  utilrb (>= 3.0.1)

RUBY VERSION
   ruby 2.5.1p57

BUNDLED WITH
   2.1.4
